GIT
  remote: git://github.com/pulibrary/marc_cleanup.git
  revision: 8949baa06e6b0b720b53450c1eebed265d003076
  tag: v0.6.0
  specs:
    marc_cleanup (0.6.0)
      marc (~> 1.0)
      net-sftp (~> 2.1)
      rubyzip (~> 1.2)

GEM
  remote: https://rubygems.org/
  specs:
    faraday (0.14.0)
      multipart-post (>= 1.2, < 3)
    marc (1.0.2)
      scrub_rb (>= 1.0.1, < 2)
      unf
    multipart-post (2.0.0)
    mysql2 (0.5.0)
    net-sftp (2.1.2)
      net-ssh (>= 2.6.5)
    net-ssh (4.2.0)
    rubyzip (1.2.1)
    scrub_rb (1.0.1)
    unf (0.1.4)
      unf_ext
    unf_ext (0.0.7.5)

PLATFORMS
  ruby

DEPENDENCIES
  faraday (~> 0.13)
  marc
  marc_cleanup!
  mysql2

BUNDLED WITH
   1.14.6
