GIT
  remote: git://github.com/pulibrary/marc_cleanup.git
  revision: 31939d03fdedc0b94b112a383c73266c3605a687
  tag: v0.8.7
  specs:
    marc_cleanup (0.8.7)
      marc (~> 1.0)

GEM
  remote: https://rubygems.org/
  specs:
    faraday (0.14.0)
      multipart-post (>= 1.2, < 3)
    irb (1.0.0)
    marc (1.0.2)
      scrub_rb (>= 1.0.1, < 2)
      unf
    multipart-post (2.0.0)
    mysql2 (0.5.0)
    scrub_rb (1.0.1)
    unf (0.1.4)
      unf_ext
    unf_ext (0.0.7.5)

PLATFORMS
  ruby

DEPENDENCIES
  faraday (~> 0.13)
  irb
  marc
  marc_cleanup!
  mysql2

BUNDLED WITH
   1.17.3
